PATH
  remote: .
  specs:
    md-cli (0.0.1)
      rainbow (~> 2.0)
      redcarpet (~> 3.1)

GEM
  remote: https://rubygems.org/
  specs:
    rainbow (2.0.0)
    redcarpet (3.1.2)

PLATFORMS
  ruby

DEPENDENCIES
  md-cli!
